NUGET
  remote: http://www.nuget.org/api/v2
    FAKE (4.50)
    FAKE.Dotnet (2.0)
    NuGet.CommandLine (5.0.2)
    Steinpilz.DevFlow.Fake (1.4)
    xunit.runner.console (2.2)
